PATH
  remote: ruby-aaws-0.8.1
  specs:
    ruby-aaws (0.8.1)

GEM
  remote: http://rubygems.org/
  specs:
    haml (3.1.2)
    rack (1.3.0)
    sinatra (1.2.6)
      rack (~> 1.1)
      tilt (>= 1.2.2, < 2.0)
    tilt (1.3.2)

PLATFORMS
  ruby

DEPENDENCIES
  haml
  ruby-aaws (= 0.8.1)!
  sinatra
